GEM
  remote: https://rubygems.org/
  specs:
    ast (2.4.0)
    ffi (1.12.2)
    jaro_winkler (1.5.4)
    parallel (1.19.1)
    parser (2.7.0.5)
      ast (~> 2.4.0)
    rainbow (3.0.0)
    rb-fsevent (0.10.3)
    rb-inotify (0.10.1)
      ffi (~> 1.0)
    rexml (3.2.4)
    rubocop (0.80.1)
      jaro_winkler (~> 1.5.1)
      parallel (~> 1.10)
      parser (>= 2.7.0.1)
      rainbow (>= 2.2.2, < 4.0)
      rexml
      ruby-progressbar (~> 1.7)
      unicode-display_width (>= 1.4.0, < 1.7)
    ruby-progressbar (1.10.1)
    sass (3.7.4)
      sass-listen (~> 4.0.0)
    sass-listen (4.0.0)
      rb-fsevent (~> 0.9, >= 0.9.4)
      rb-inotify (~> 0.9, >= 0.9.7)
    scss_lint (0.59.0)
      sass (~> 3.5, >= 3.5.5)
    scss_lint_reporter_checkstyle (0.2.0)
    unicode-display_width (1.6.1)

PLATFORMS
  ruby

DEPENDENCIES
  rubocop
  scss_lint
  scss_lint_reporter_checkstyle

BUNDLED WITH
   2.1.2
